PATH
  remote: localgems/lib-stile-ruby
  specs:
    stile (1.0.0)
      activesupport (>= 5, < 7)
      aws-sdk-dynamodb
      aws-sdk-firehose
      configatron (= 2.13.0)
      connection_pool
      deepsort
      diplomat (~> 2)
      gcra
      hashie (>= 3.4, < 5.0)
      httparty (~> 0.14)
      iso8601 (< 0.9.0)
      jwt (~> 2.2)
      msgpack (~> 1.2)
      nokogiri (~> 1.14.0.rc1)
      pg (~> 1.0)
      prometheus-client (= 0.8.0)
      pry
      pry-byebug
      pry-nav
      pry-remote
      puma (>= 3.11)
      rack (~> 2.2)
      rb-inotify
      rbnacl (~> 7)
      redis (~> 5.0)
      rubystats
      rufus-scheduler (~> 3)
      scientist (~> 1)
      sequel (~> 5.62)
      sorbet-runtime
      stackprof
      thwait
      unicode_utils (~> 1.4)
      varint (~> 0.1)
      zipkin (= 1.6.1)

PATH
  remote: localgems/ruby-protocol-buffers
  specs:
    ruby-protocol-buffers (1.6.1)

GEM
  remote: https://rubygems.org/
  specs:
    actionmailer (5.2.4.4)
      actionpack (= 5.2.4.4)
      actionview (= 5.2.4.4)
      activejob (= 5.2.4.4)
      mail (~> 2.5, >= 2.5.4)
      rails-dom-testing (~> 2.0)
    actionpack (5.2.4.4)
      actionview (= 5.2.4.4)
      activesupport (= 5.2.4.4)
      rack (~> 2.0, >= 2.0.8)
      rack-test (>= 0.6.3)
      rails-dom-testing (~> 2.0)
      rails-html-sanitizer (~> 1.0, >= 1.0.2)
    actionview (5.2.4.4)
      activesupport (= 5.2.4.4)
      builder (~> 3.1)
      erubi (~> 1.4)
      rails-dom-testing (~> 2.0)
      rails-html-sanitizer (~> 1.0, >= 1.0.3)
    activejob (5.2.4.4)
      activesupport (= 5.2.4.4)
      globalid (>= 0.3.6)
    activemodel (5.2.4.4)
      activesupport (= 5.2.4.4)
    activesupport (5.2.4.4)
      concurrent-ruby (~> 1.0, >= 1.0.2)
      i18n (>= 0.7, < 2)
      minitest (~> 5.1)
      tzinfo (~> 1.1)
    addressable (2.8.1)
      public_suffix (>= 2.0.2, < 6.0)
    amq-protocol (2.3.2)
    amqp (1.8.0)
      amq-protocol (>= 2.2.0)
      eventmachine
    aws-eventstream (1.2.0)
    aws-partitions (1.711.0)
    aws-sdk-comprehend (1.65.0)
      aws-sdk-core (~> 3, >= 3.165.0)
      aws-sigv4 (~> 1.1)
    aws-sdk-core (3.170.0)
      aws-eventstream (~> 1, >= 1.0.2)
      aws-partitions (~> 1, >= 1.651.0)
      aws-sigv4 (~> 1.5)
      jmespath (~> 1, >= 1.6.1)
    aws-sdk-dynamodb (1.81.0)
      aws-sdk-core (~> 3, >= 3.165.0)
      aws-sigv4 (~> 1.1)
    aws-sdk-firehose (1.48.0)
      aws-sdk-core (~> 3, >= 3.127.0)
      aws-sigv4 (~> 1.1)
    aws-sdk-kms (1.62.0)
      aws-sdk-core (~> 3, >= 3.165.0)
      aws-sigv4 (~> 1.1)
    aws-sdk-polly (1.66.0)
      aws-sdk-core (~> 3, >= 3.165.0)
      aws-sigv4 (~> 1.1)
    aws-sdk-rekognition (1.74.0)
      aws-sdk-core (~> 3, >= 3.165.0)
      aws-sigv4 (~> 1.1)
    aws-sdk-s3 (1.119.1)
      aws-sdk-core (~> 3, >= 3.165.0)
      aws-sdk-kms (~> 1)
      aws-sigv4 (~> 1.4)
    aws-sdk-transcribeservice (1.81.0)
      aws-sdk-core (~> 3, >= 3.165.0)
      aws-sigv4 (~> 1.1)
    aws-sigv4 (1.5.2)
      aws-eventstream (~> 1, >= 1.0.2)
    bcrypt (3.1.18)
    bootsnap (1.13.0)
      msgpack (~> 1.2)
    bson (4.15.0)
    builder (3.2.4)
    byebug (11.1.3)
    chunky_png (1.4.0)
    ci-queue (0.24.2)
    coderay (1.1.3)
    concurrent-ruby (1.1.10)
    configatron (2.13.0)
      yamler (>= 0.1.0)
    connection_pool (2.3.0)
    cookiejar (0.3.3)
    crack (0.4.5)
      rexml
    crass (1.0.6)
    deep_merge (1.2.1)
    deepsort (0.4.5)
    deque (1.0.0)
    descriptive_statistics (2.5.1)
    diff-lcs (1.5.0)
    diplomat (2.5.1)
      deep_merge (~> 1.2)
      faraday (>= 0.9)
    domain_name (0.5.20190701)
      unf (>= 0.0.5, < 1.0.0)
    e2mmap (0.1.0)
    em-http-request (1.1.7)
      addressable (>= 2.3.4)
      cookiejar (!= 0.3.1)
      em-socksify (>= 0.3)
      eventmachine (>= 1.0.3)
      http_parser.rb (>= 0.6.0)
    em-socksify (0.3.2)
      eventmachine (>= 1.0.0.beta.4)
    em-synchrony (1.0.6)
      eventmachine (>= 1.0.0.beta.1)
    erubi (1.9.0)
    et-orbi (1.2.7)
      tzinfo
    ethon (0.12.0)
      ffi (>= 1.3.0)
    eventmachine (1.2.7)
    excon (0.96.0)
    faraday (1.10.3)
      faraday-em_http (~> 1.0)
      faraday-em_synchrony (~> 1.0)
      faraday-excon (~> 1.1)
      faraday-httpclient (~> 1.0)
      faraday-multipart (~> 1.0)
      faraday-net_http (~> 1.0)
      faraday-net_http_persistent (~> 1.0)
      faraday-patron (~> 1.0)
      faraday-rack (~> 1.0)
      faraday-retry (~> 1.0)
      ruby2_keywords (>= 0.0.4)
    faraday-em_http (1.0.0)
    faraday-em_synchrony (1.0.0)
    faraday-excon (1.1.0)
    faraday-httpclient (1.0.1)
    faraday-multipart (1.0.4)
      multipart-post (~> 2)
    faraday-net_http (1.0.1)
    faraday-net_http_persistent (1.2.0)
    faraday-patron (1.0.0)
    faraday-rack (1.0.0)
    faraday-retry (1.0.3)
    ffi (1.15.5)
    ffi-compiler (1.0.1)
      ffi (>= 1.0.0)
      rake
    fugit (1.5.3)
      et-orbi (~> 1, >= 1.2.7)
      raabro (~> 1.4)
    gcra (1.2.0)
    globalid (1.0.0)
      activesupport (>= 5.0)
    haml (6.1.1)
      temple (>= 0.8.2)
      thor
      tilt
    hashdiff (1.0.1)
    hashie (4.1.0)
    http (5.1.0)
      addressable (~> 2.8)
      http-cookie (~> 1.0)
      http-form_data (~> 2.2)
      llhttp-ffi (~> 0.4.0)
    http-cookie (1.0.5)
      domain_name (~> 0.5)
    http-form_data (2.3.0)
    http_parser.rb (0.6.0)
    http_router (0.11.2)
      rack (>= 1.0.0)
      url_mount (~> 0.2.1)
    httparty (0.21.0)
      mini_mime (>= 1.0.0)
      multi_xml (>= 0.5.2)
    i18n (1.12.0)
      concurrent-ruby (~> 1.0)
    inflection (1.0.0)
    intercom (3.9.5)
    iso8601 (0.8.7)
    jmespath (1.6.2)
    json (2.5.1)
    jwt (2.6.0)
    knapsack_pro (3.7.0)
      rake
    ld-eventsource (2.2.1)
      concurrent-ruby (~> 1.0)
      http (>= 4.4.1, < 6.0.0)
    libsaml (3.13.1)
      activemodel (>= 4.2)
      activesupport (>= 4.2)
      nokogiri (~> 1.11)
      xmldsig (>= 0.5.1, < 0.8.0)
      xmlenc (>= 0.6.9, < 0.9.0)
      xmlmapper (~> 0.8.1)
    llhttp-ffi (0.4.0)
      ffi-compiler (~> 1.0)
      rake (~> 13.0)
    loofah (2.19.1)
      crass (~> 1.0.2)
      nokogiri (>= 1.5.9)
    looker-sdk (0.1.2)
      faraday (>= 1.2, < 2.0)
      sawyer (~> 0.8)
    machinist (2.0)
    mail (2.7.1)
      mini_mime (>= 0.1.1)
    mailchimp-api (2.0.7)
      excon (>= 0.16.0)
      json (>= 1.7.7)
    matrix (0.4.2)
    maxmind-db (1.1.1)
    meilisearch (0.22.0)
      httparty (>= 0.17.1, < 0.22.0)
    memoist (0.16.2)
    method_source (1.0.0)
    mime-types (3.4.1)
      mime-types-data (~> 3.2015)
    mime-types-data (3.2022.0105)
    mini_mime (1.1.2)
    minitest (5.16.3)
    mongo (2.15.1)
      bson (>= 4.8.2, < 5.0.0)
    msgpack (1.5.6)
    multi_xml (0.6.0)
    multipart-post (2.3.0)
    multipart_body (0.2.1)
    mysql2 (0.5.5)
    net-protocol (0.1.3)
      timeout
    net-smtp (0.3.3)
      net-protocol
    nio4r (2.5.8)
    nokogiri (1.14.2-x86_64-linux)
      racc (~> 1.4)
    oauth2 (2.0.9)
      faraday (>= 0.17.3, < 3.0)
      jwt (>= 1.0, < 3.0)
      multi_xml (~> 0.5)
      rack (>= 1.2, < 4)
      snaky_hash (~> 2.0)
      version_gem (~> 1.1)
    opentracing (0.5.0)
    pg (1.4.5)
    prometheus-api-client (0.6.2)
      faraday (>= 0.9, < 2.0.0)
    prometheus-client (0.8.0)
      quantile (~> 0.2.1)
    pry (0.14.2)
      coderay (~> 1.1)
      method_source (~> 1.0)
    pry-byebug (3.10.1)
      byebug (~> 11.0)
      pry (>= 0.13, < 0.15)
    pry-nav (1.0.0)
      pry (>= 0.9.10, < 0.15)
    pry-remote (0.1.8)
      pry (~> 0.9)
      slop (~> 3.0)
    public_suffix (5.0.1)
    puma (5.6.5)
      nio4r (~> 2.0)
    quantile (0.2.1)
    raabro (1.4.0)
    racc (1.6.2)
    rack (2.2.4)
    rack-cors (1.1.1)
      rack (>= 2.0.0)
    rack-test (2.0.2)
      rack (>= 1.3)
    rails-dom-testing (2.0.3)
      activesupport (>= 4.2.0)
      nokogiri (>= 1.6)
    rails-html-sanitizer (1.4.3)
      loofah (~> 2.3)
    rake (13.0.6)
    rb-inotify (0.10.1)
      ffi (~> 1.0)
    rbnacl (7.1.1)
      ffi
    redis (5.0.6)
      redis-client (>= 0.9.0)
    redis-client (0.12.1)
      connection_pool
    rexml (3.2.5)
    rqrcode (2.1.2)
      chunky_png (~> 1.0)
      rqrcode_core (~> 1.0)
    rqrcode_core (1.2.0)
    rspec (3.12.0)
      rspec-core (~> 3.12.0)
      rspec-expectations (~> 3.12.0)
      rspec-mocks (~> 3.12.0)
    rspec-collection_matchers (1.2.0)
      rspec-expectations (>= 2.99.0.beta1)
    rspec-core (3.12.0)
      rspec-support (~> 3.12.0)
    rspec-expectations (3.12.1)
      diff-lcs (>= 1.2.0, < 2.0)
      rspec-support (~> 3.12.0)
    rspec-its (1.3.0)
      rspec-core (>= 3.0.0)
      rspec-expectations (>= 3.0.0)
    rspec-mocks (3.12.2)
      diff-lcs (>= 1.2.0, < 2.0)
      rspec-support (~> 3.12.0)
    rspec-retry (0.6.2)
      rspec-core (> 3.3)
    rspec-support (3.12.0)
    rspec_junit_formatter (0.6.0)
      rspec-core (>= 2, < 4, != 2.12.0)
    ruby-prof (1.5.0)
    ruby-saml (1.15.0)
      nokogiri (>= 1.13.10)
      rexml
    ruby2_keywords (0.0.5)
    rubystats (0.3.0)
    rubyzip (2.3.2)
    rufus-scheduler (3.8.2)
      fugit (~> 1.1, >= 1.1.6)
    sanitize (6.0.1)
      crass (~> 1.0.2)
      nokogiri (>= 1.12.0)
    sawyer (0.9.2)
      addressable (>= 2.3.5)
      faraday (>= 0.17.3, < 3)
    scientist (1.6.3)
    scrypt (3.0.7)
      ffi-compiler (>= 1.0, < 2.0)
    sequel (5.65.0)
    slop (3.6.0)
    snaky_hash (2.0.1)
      hashie
      version_gem (~> 1.1, >= 1.1.1)
    sorbet (0.5.6281)
      sorbet-static (= 0.5.6281)
    sorbet-runtime (0.5.10666)
    sorbet-static (0.5.6281-x86_64-linux)
    stackprof (0.2.17)
    temple (0.9.1)
    tf-idf-similarity (0.2.0)
      unicode_utils (~> 1.4)
    thor (1.2.1)
    thread_safe (0.3.6)
    thwait (0.2.0)
      e2mmap
    tilt (2.0.11)
    timeout (0.3.0)
    trollop (2.9.10)
    twilio-ruby (5.74.3)
      faraday (>= 0.9, < 3.0)
      jwt (>= 1.5, <= 2.6)
      nokogiri (>= 1.6, < 2.0)
    typhoeus (1.4.0)
      ethon (>= 0.9.0)
    tzinfo (1.2.10)
      thread_safe (~> 0.1)
    unf (0.1.4)
      unf_ext
    unf_ext (0.0.8.2)
    unicode_utils (1.4.0)
    url_mount (0.2.1)
      rack
    user_agent_parser (2.14.0)
    varint (0.1.1)
    version_gem (1.1.1)
    webmock (3.18.1)
      addressable (>= 2.8.0)
      crack (>= 0.3.2)
      hashdiff (>= 0.4.0, < 2.0.0)
    words_counted (1.0.3)
    xmldsig (0.7.0)
      nokogiri (>= 1.6.8, < 2.0.0)
    xmlenc (0.8.0)
      activemodel (>= 3.0.0)
      activesupport (>= 3.0.0)
      nokogiri (>= 1.6.0, < 2.0.0)
      xmlmapper (>= 0.7.3)
    xmlmapper (0.8.1)
      nokogiri (~> 1.11)
    xxd (0.1.0)
    yajl-ruby (1.4.3)
    yamler (0.1.0)
    zendesk_api (1.37.0)
      faraday (>= 0.9.0, < 2.0.0)
      hashie (>= 3.5.2, < 6.0.0)
      inflection
      mini_mime
      multipart-post (~> 2.0)
    zipkin (1.6.1)
      json
      opentracing (~> 0.3)

PLATFORMS
  x86_64-linux

DEPENDENCIES
  actionmailer (~> 5)
  addressable (~> 2)
  amqp (~> 1.5)
  aws-sdk-comprehend (~> 1.65)
  aws-sdk-dynamodb
  aws-sdk-polly (~> 1.66)
  aws-sdk-rekognition
  aws-sdk-s3
  aws-sdk-transcribeservice
  bcrypt (~> 3)
  bootsnap
  ci-queue
  configatron (= 2.13.0)
  connection_pool
  deque (~> 1.0)
  descriptive_statistics (~> 2.5)
  em-http-request
  em-synchrony (~> 1.0)
  haml (~> 6.1.1)
  http_router (= 0.11.2)
  httparty (~> 0.21)
  i18n
  intercom (~> 3.9.5)
  jwt (~> 2.6)
  knapsack_pro (~> 3.7.0)
  ld-eventsource (~> 2.2)
  libsaml (~> 3)
  loofah (>= 2.2.3)
  looker-sdk (~> 0.1.2)
  machinist (>= 2.0.0.beta2)
  mailchimp-api (~> 2.0)
  matrix (~> 0.4.2)
  maxmind-db (~> 1.1.1)
  meilisearch
  memoist (~> 0.16)
  mime-types
  mongo (~> 2.15)
  msgpack (~> 1.5.6)
  multipart_body
  mysql2 (~> 0.5)
  net-smtp (~> 0.3.3)
  nokogiri (~> 1.14.2)
  oauth2 (~> 2.0)
  prometheus-api-client
  pry
  pry-nav
  pry-remote
  puma (~> 5.6)
  rack-cors
  rack-test
  rb-inotify
  rbnacl (~> 7)
  redis
  rqrcode (~> 2.1.2)
  rspec
  rspec-collection_matchers
  rspec-its
  rspec-retry
  rspec_junit_formatter
  ruby-prof
  ruby-protocol-buffers!
  ruby-saml (~> 1.15.0)
  rubystats
  rubyzip (~> 2)
  rufus-scheduler (~> 3)
  sanitize (~> 6.0.1)
  scientist
  scrypt (~> 3.0)
  sequel (= 5.65.0)
  sorbet
  sorbet-runtime
  stile!
  tf-idf-similarity (~> 0.2)
  trollop (~> 2)
  twilio-ruby (~> 5.74.3)
  typhoeus (~> 1)
  unicode_utils (~> 1.4)
  user_agent_parser (~> 2.14)
  webmock
  words_counted (~> 1.0)
  xxd
  yajl-ruby (~> 1.4.3)
  zendesk_api (~> 1.37)

BUNDLED WITH
   2.3.24
